GEM
  remote: https://rubygems.org/
  specs:
    colorize (0.8.1)
    curses (1.4.4)
    ffi (1.15.5-x64-mingw-ucrt)
    ffi-win32-extensions (1.0.4)
      ffi
    httparty (0.20.0)
      mime-types (~> 3.0)
      multi_xml (>= 0.5.2)
    mime-types (3.4.1)
      mime-types-data (~> 3.2015)
    mime-types-data (3.2022.0105)
    multi_xml (0.6.0)
    net-ping (2.0.8)
    pastel (0.8.0)
      tty-color (~> 0.5)
    speedtest (0.2.3)
      httparty (~> 0.13)
    tty-color (0.6.0)
    tty-cursor (0.7.1)
    tty-prompt (0.23.1)
      pastel (~> 0.8)
      tty-reader (~> 0.8)
    tty-reader (0.9.0)
      tty-cursor (~> 0.7)
      tty-screen (~> 0.8)
      wisper (~> 2.0)
    tty-screen (0.8.1)
    tty-spinner (0.9.3)
      tty-cursor (~> 0.7)
    win32-security (0.5.0)
      ffi
      ffi-win32-extensions
    wisper (2.0.1)

PLATFORMS
  x64-mingw-ucrt

DEPENDENCIES
  colorize (~> 0.8.1)
  curses (~> 1.4.4)
  net-ping (~> 2.0.8)
  speedtest (~> 0.2.3)
  tty-prompt (~> 0.23.1)
  tty-spinner (~> 0.9.3)
  win32-security (~> 0.5.0)

RUBY VERSION
   ruby 3.1.2p20

BUNDLED WITH
   2.3.7
